GEM
  remote: http://rubygems.org/
  remote: http://ruby.taobao.org/
  specs:
    activemodel (3.2.1)
      activesupport (= 3.2.1)
      builder (~> 3.0.0)
    activerecord (3.2.1)
      activemodel (= 3.2.1)
      activesupport (= 3.2.1)
      arel (~> 3.0.0)
      tzinfo (~> 0.3.29)
    activesupport (3.2.1)
      i18n (~> 0.6)
      multi_json (~> 1.0)
    arel (3.0.2)
    builder (3.0.0)
    daemons (1.1.9)
    eventmachine (0.12.10)
    i18n (0.6.0)
    mime-types (1.17.2)
    multi_json (1.1.0)
    mysql2 (0.3.11)
    redis (2.2.2)
    rest-client (1.6.7)
      mime-types (>= 1.16)
    tzinfo (0.3.32)

PLATFORMS
  ruby

DEPENDENCIES
  activerecord
  daemons
  eventmachine (= 0.12.10)
  mysql2 (~> 0.3)
  redis (>= 2.2.2)
  rest-client
